GIT
  remote: git://github.com/solidusio/solidus.git
  revision: daea52ff1ce4f860bd061b81f62804df2c229234
  branch: master
  specs:
    solidus (2.6.0.alpha)
      solidus_api (= 2.6.0.alpha)
      solidus_backend (= 2.6.0.alpha)
      solidus_core (= 2.6.0.alpha)
      solidus_frontend (= 2.6.0.alpha)
      solidus_sample (= 2.6.0.alpha)
    solidus_api (2.6.0.alpha)
      jbuilder (~> 2.6)
      kaminari-activerecord (~> 1.1)
      responders
      solidus_core (= 2.6.0.alpha)
    solidus_backend (2.6.0.alpha)
      autoprefixer-rails (~> 7.1)
      coffee-rails
      font-awesome-rails (~> 4.0)
      handlebars_assets (~> 0.23)
      jbuilder (~> 2.6)
      jquery-rails
      kaminari (~> 1.1)
      sass-rails
      solidus_api (= 2.6.0.alpha)
      solidus_core (= 2.6.0.alpha)
    solidus_core (2.6.0.alpha)
      actionmailer (~> 5.1.0)
      actionpack (~> 5.1.0)
      actionview (~> 5.1.0)
      activejob (~> 5.1.0)
      activemerchant (~> 1.66)
      activemodel (~> 5.1.0)
      activerecord (~> 5.1.0)
      activesupport (~> 5.1.0)
      acts_as_list (~> 0.3)
      awesome_nested_set (~> 3.0, >= 3.0.1)
      cancancan (~> 1.10)
      carmen (~> 1.1.0)
      discard
      friendly_id (~> 5.0)
      kaminari-activerecord (~> 1.1)
      monetize (~> 1.1)
      paperclip (>= 4.2, < 6)
      paranoia (~> 2.4)
      railties (~> 5.1.0)
      ransack (~> 1.8)
      state_machines-activerecord (~> 0.4)
    solidus_frontend (2.6.0.alpha)
      canonical-rails (~> 0.2.0)
      font-awesome-rails (~> 4.0)
      jquery-rails
      kaminari (~> 1.1)
      sass-rails
      solidus_api (= 2.6.0.alpha)
      solidus_core (= 2.6.0.alpha)
      truncate_html (~> 0.9, >= 0.9.2)
    solidus_sample (2.6.0.alpha)
      solidus_core (= 2.6.0.alpha)

GIT
  remote: git://github.com/solidusio/solidus_auth_devise.git
  revision: a0b36bdb7e17c4c6888a16ddb93ebf2157cebaf1
  specs:
    solidus_auth_devise (2.1.0)
      devise (~> 4.1)
      devise-encryptable (= 0.2.0)
      solidus_core (>= 1.2.0, < 3)
      solidus_support (>= 0.1.3)

PATH
  remote: .
  specs:
    solidus_paypal_express (2.0.0.beta)
      paypal-sdk-merchant
      solidus_core (>= 1.2.0, < 3)
      solidus_support

GEM
  remote: https://rubygems.org/
  specs:
    actioncable (5.1.5)
      actionpack (= 5.1.5)
      nio4r (~> 2.0)
      websocket-driver (~> 0.6.1)
    actionmailer (5.1.5)
      actionpack (= 5.1.5)
      actionview (= 5.1.5)
      activejob (= 5.1.5)
      mail (~> 2.5, >= 2.5.4)
      rails-dom-testing (~> 2.0)
    actionpack (5.1.5)
      actionview (= 5.1.5)
      activesupport (= 5.1.5)
      rack (~> 2.0)
      rack-test (>= 0.6.3)
      rails-dom-testing (~> 2.0)
      rails-html-sanitizer (~> 1.0, >= 1.0.2)
    actionview (5.1.5)
      activesupport (= 5.1.5)
      builder (~> 3.1)
      erubi (~> 1.4)
      rails-dom-testing (~> 2.0)
      rails-html-sanitizer (~> 1.0, >= 1.0.3)
    activejob (5.1.5)
      activesupport (= 5.1.5)
      globalid (>= 0.3.6)
    activemerchant (1.77.0)
      activesupport (>= 3.2.14, < 6.x)
      builder (>= 2.1.2, < 4.0.0)
      i18n (>= 0.6.9)
      nokogiri (~> 1.4)
    activemodel (5.1.5)
      activesupport (= 5.1.5)
    activerecord (5.1.5)
      activemodel (= 5.1.5)
      activesupport (= 5.1.5)
      arel (~> 8.0)
    activesupport (5.1.5)
      concurrent-ruby (~> 1.0, >= 1.0.2)
      i18n (~> 0.7)
      minitest (~> 5.1)
      tzinfo (~> 1.1)
    acts_as_list (0.9.10)
      activerecord (>= 3.0)
    addressable (2.5.2)
      public_suffix (>= 2.0.2, < 4.0)
    arel (8.0.0)
    ast (2.4.0)
    autoprefixer-rails (7.2.6)
      execjs
    awesome_nested_set (3.1.4)
      activerecord (>= 4.0.0, < 5.3)
    bcrypt (3.1.11)
    builder (3.2.3)
    cancancan (1.17.0)
    canonical-rails (0.2.2)
      rails (>= 4.1, < 5.2)
    capybara (2.18.0)
      addressable
      mini_mime (>= 0.1.3)
      nokogiri (>= 1.3.3)
      rack (>= 1.0.0)
      rack-test (>= 0.5.4)
      xpath (>= 2.0, < 4.0)
    capybara-screenshot (1.0.21)
      capybara (>= 1.0, < 4)
      launchy
    carmen (1.1.0)
      activesupport (>= 3.0.0)
    childprocess (0.9.0)
      ffi (~> 1.0, >= 1.0.11)
    climate_control (0.2.0)
    cliver (0.3.2)
    cocaine (0.5.8)
      climate_control (>= 0.0.3, < 1.0)
    coderay (1.1.2)
    coffee-rails (4.2.2)
      coffee-script (>= 2.2.0)
      railties (>= 4.0.0)
    coffee-script (2.4.1)
      coffee-script-source
      execjs
    coffee-script-source (1.12.2)
    concurrent-ruby (1.0.5)
    crass (1.0.4)
    database_cleaner (1.6.2)
    devise (4.4.1)
      bcrypt (~> 3.0)
      orm_adapter (~> 0.1)
      railties (>= 4.1.0, < 5.2)
      responders
      warden (~> 1.2.3)
    devise-encryptable (0.2.0)
      devise (>= 2.1.0)
    diff-lcs (1.3)
    discard (0.2.0)
      activerecord (>= 4.2, < 6)
    docile (1.1.5)
    erubi (1.7.1)
    execjs (2.7.0)
    factory_bot (4.10.0)
      activesupport (>= 3.0.0)
    ffaker (2.8.1)
    ffi (1.9.23)
    font-awesome-rails (4.7.0.3)
      railties (>= 3.2, < 5.2)
    friendly_id (5.2.3)
      activerecord (>= 4.0.0)
    globalid (0.4.1)
      activesupport (>= 4.2.0)
    handlebars_assets (0.23.2)
      execjs (~> 2.0)
      sprockets (>= 2.0.0)
      tilt (>= 1.2)
    i18n (0.9.5)
      concurrent-ruby (~> 1.0)
    jaro_winkler (1.5.1)
    jbuilder (2.7.0)
      activesupport (>= 4.2.0)
      multi_json (>= 1.2)
    jquery-rails (4.3.1)
      rails-dom-testing (>= 1, < 3)
      railties (>= 4.2.0)
      thor (>= 0.14, < 2.0)
    json (2.1.0)
    kaminari (1.1.1)
      activesupport (>= 4.1.0)
      kaminari-actionview (= 1.1.1)
      kaminari-activerecord (= 1.1.1)
      kaminari-core (= 1.1.1)
    kaminari-actionview (1.1.1)
      actionview
      kaminari-core (= 1.1.1)
    kaminari-activerecord (1.1.1)
      activerecord
      kaminari-core (= 1.1.1)
    kaminari-core (1.1.1)
    launchy (2.4.3)
      addressable (~> 2.3)
    loofah (2.2.2)
      crass (~> 1.0.2)
      nokogiri (>= 1.5.9)
    mail (2.7.0)
      mini_mime (>= 0.1.1)
    method_source (0.9.0)
    mime-types (3.1)
      mime-types-data (~> 3.2015)
    mime-types-data (3.2016.0521)
    mimemagic (0.3.2)
    mini_mime (1.0.0)
    mini_portile2 (2.3.0)
    minitest (5.11.3)
    monetize (1.7.0)
      money (~> 6.9)
    money (6.10.1)
      i18n (>= 0.6.4, < 1.0)
    multi_json (1.13.1)
    mysql2 (0.4.10)
    nio4r (2.2.0)
    nokogiri (1.8.2)
      mini_portile2 (~> 2.3.0)
    orm_adapter (0.5.0)
    paperclip (5.2.1)
      activemodel (>= 4.2.0)
      activesupport (>= 4.2.0)
      cocaine (~> 0.5.5)
      mime-types
      mimemagic (~> 0.3.0)
    parallel (1.12.1)
    paranoia (2.4.0)
      activerecord (>= 4.0, < 5.2)
    parser (2.5.1.0)
      ast (~> 2.4.0)
    paypal-sdk-core (0.3.4)
      multi_json (~> 1.0)
      xml-simple
    paypal-sdk-merchant (1.117.2)
      paypal-sdk-core (~> 0.3.0)
    pg (0.21.0)
    poltergeist (1.17.0)
      capybara (~> 2.1)
      cliver (~> 0.3.1)
      websocket-driver (>= 0.2.0)
    polyamorous (1.3.3)
      activerecord (>= 3.0)
    powerpack (0.1.2)
    pry (0.11.3)
      coderay (~> 1.1.0)
      method_source (~> 0.9.0)
    pry-rails (0.3.6)
      pry (>= 0.10.4)
    public_suffix (3.0.2)
    rack (2.0.4)
    rack-test (0.8.3)
      rack (>= 1.0, < 3)
    rails (5.1.5)
      actioncable (= 5.1.5)
      actionmailer (= 5.1.5)
      actionpack (= 5.1.5)
      actionview (= 5.1.5)
      activejob (= 5.1.5)
      activemodel (= 5.1.5)
      activerecord (= 5.1.5)
      activesupport (= 5.1.5)
      bundler (>= 1.3.0)
      railties (= 5.1.5)
      sprockets-rails (>= 2.0.0)
    rails-controller-testing (1.0.2)
      actionpack (~> 5.x, >= 5.0.1)
      actionview (~> 5.x, >= 5.0.1)
      activesupport (~> 5.x)
    rails-dom-testing (2.0.3)
      activesupport (>= 4.2.0)
      nokogiri (>= 1.6)
    rails-html-sanitizer (1.0.4)
      loofah (~> 2.2, >= 2.2.2)
    railties (5.1.5)
      actionpack (= 5.1.5)
      activesupport (= 5.1.5)
      method_source
      rake (>= 0.8.7)
      thor (>= 0.18.1, < 2.0)
    rainbow (3.0.0)
    rake (12.3.0)
    ransack (1.8.7)
      actionpack (>= 3.0)
      activerecord (>= 3.0)
      activesupport (>= 3.0)
      i18n
      polyamorous (~> 1.3.2)
    rb-fsevent (0.10.3)
    rb-inotify (0.9.10)
      ffi (>= 0.5.0, < 2)
    require_all (2.0.0)
    responders (2.4.0)
      actionpack (>= 4.2.0, < 5.3)
      railties (>= 4.2.0, < 5.3)
    rspec-core (3.7.1)
      rspec-support (~> 3.7.0)
    rspec-expectations (3.7.0)
      diff-lcs (>= 1.2.0, < 2.0)
      rspec-support (~> 3.7.0)
    rspec-mocks (3.7.0)
      diff-lcs (>= 1.2.0, < 2.0)
      rspec-support (~> 3.7.0)
    rspec-rails (3.7.2)
      actionpack (>= 3.0)
      activesupport (>= 3.0)
      railties (>= 3.0)
      rspec-core (~> 3.7.0)
      rspec-expectations (~> 3.7.0)
      rspec-mocks (~> 3.7.0)
      rspec-support (~> 3.7.0)
    rspec-support (3.7.1)
    rubocop (0.57.2)
      jaro_winkler (~> 1.5.1)
      parallel (~> 1.10)
      parser (>= 2.5)
      powerpack (~> 0.1)
      rainbow (>= 2.2.2, < 4.0)
      ruby-progressbar (~> 1.7)
      unicode-display_width (~> 1.0, >= 1.0.1)
    ruby-progressbar (1.9.0)
    rubyzip (1.2.1)
    sass (3.5.5)
      sass-listen (~> 4.0.0)
    sass-listen (4.0.0)
      rb-fsevent (~> 0.9, >= 0.9.4)
      rb-inotify (~> 0.9, >= 0.9.7)
    sass-rails (5.0.7)
      railties (>= 4.0.0, < 6)
      sass (~> 3.1)
      sprockets (>= 2.8, < 4.0)
      sprockets-rails (>= 2.0, < 4.0)
      tilt (>= 1.1, < 3)
    selenium-webdriver (3.12.0)
      childprocess (~> 0.5)
      rubyzip (~> 1.2)
    shoulda-matchers (3.1.2)
      activesupport (>= 4.0.0)
    simplecov (0.15.1)
      docile (~> 1.1.0)
      json (>= 1.8, < 3)
      simplecov-html (~> 0.10.0)
    simplecov-html (0.10.2)
    solidus_support (0.2.1)
    sprockets (3.7.1)
      concurrent-ruby (~> 1.0)
      rack (> 1, < 3)
    sprockets-rails (3.2.1)
      actionpack (>= 4.0)
      activesupport (>= 4.0)
      sprockets (>= 3.0.0)
    sqlite3 (1.3.13)
    state_machines (0.5.0)
    state_machines-activemodel (0.5.0)
      activemodel (>= 4.1, < 5.2)
      state_machines (>= 0.5.0)
    state_machines-activerecord (0.5.0)
      activerecord (>= 4.1, < 5.2)
      state_machines-activemodel (>= 0.5.0)
    thor (0.20.0)
    thread_safe (0.3.6)
    tilt (2.0.8)
    truncate_html (0.9.3)
    tzinfo (1.2.5)
      thread_safe (~> 0.1)
    unicode-display_width (1.4.0)
    warden (1.2.7)
      rack (>= 1.0)
    websocket-driver (0.6.5)
      websocket-extensions (>= 0.1.0)
    websocket-extensions (0.1.3)
    xml-simple (1.1.5)
    xpath (3.0.0)
      nokogiri (~> 1.8)

PLATFORMS
  ruby

DEPENDENCIES
  capybara
  capybara-screenshot
  coffee-rails
  database_cleaner
  factory_bot
  ffaker
  mysql2 (~> 0.4.10)
  pg (~> 0.21)
  poltergeist
  pry
  pry-rails
  rails-controller-testing
  require_all
  rspec-rails
  rubocop
  sass-rails
  selenium-webdriver
  shoulda-matchers
  simplecov
  solidus!
  solidus_auth_devise!
  solidus_paypal_express!
  sqlite3

BUNDLED WITH
   1.16.0
